GEM
  remote: https://rubygems.org/
  specs:
    coderay (1.1.3)
    interception (0.5)
    json-socket (1.0.3)
      oj
    method_source (1.0.0)
    oj (3.10.14)
    pry (0.13.1)
      coderay (~> 1.1)
      method_source (~> 1.0)
    pry-rescue (1.5.2)
      interception (>= 0.5)
      pry (>= 0.12.0)
    rb-readline (0.5.5)

PLATFORMS
  ruby

DEPENDENCIES
  json-socket
  pry
  pry-rescue
  rb-readline

BUNDLED WITH
   2.1.4
